GEM
  remote: https://rubygems.org/
  specs:
    aws-sdk-core (2.3.4)
      jmespath (~> 1.0)
    axiom-types (0.1.1)
      descendants_tracker (~> 0.0.4)
      ice_nine (~> 0.11.0)
      thread_safe (~> 0.3, >= 0.3.1)
    coercible (1.0.0)
      descendants_tracker (~> 0.0.1)
    descendants_tracker (0.0.4)
      thread_safe (~> 0.3, >= 0.3.1)
    dotenv (2.1.1)
    equalizer (0.0.11)
    ice_nine (0.11.2)
    jar-dependencies (0.3.4)
    jbundler (0.9.3)
      bundler (~> 1.5)
      jar-dependencies (~> 0.3)
      maven-tools (~> 1.1)
      ruby-maven (~> 3.3, >= 3.3.8)
    jmespath (1.2.4)
      json_pure (>= 1.8.1)
    json_pure (1.8.3)
    macaddr (1.7.1)
      systemu (~> 2.6.2)
    maven-tools (1.1.4)
      virtus (~> 1.0)
    rack (1.6.4)
    rack-protection (1.5.3)
      rack
    rake (11.1.2)
    ruby-maven (3.3.11)
      ruby-maven-libs (~> 3.3.9)
    ruby-maven-libs (3.3.9)
    sinatra (1.4.7)
      rack (~> 1.5)
      rack-protection (~> 1.4)
      tilt (>= 1.3, < 3)
    systemu (2.6.5)
    thread_safe (0.3.5-java)
    tilt (2.0.4)
    uuid (2.3.8)
      macaddr (~> 1.0)
    virtus (1.0.5)
      axiom-types (~> 0.1)
      coercible (~> 1.0)
      descendants_tracker (~> 0.0, >= 0.0.3)
      equalizer (~> 0.0, >= 0.0.9)

PLATFORMS
  java

DEPENDENCIES
  aws-sdk-core
  dotenv
  jbundler
  rake
  sinatra
  uuid

BUNDLED WITH
   1.12.3
